GEM
  remote: https://rubygems.org/
  specs:
    aws-sdk (2.3.15)
      aws-sdk-resources (= 2.3.15)
    aws-sdk-core (2.3.15)
      jmespath (~> 1.0)
    aws-sdk-resources (2.3.15)
      aws-sdk-core (= 2.3.15)
    elasticsearch (1.0.18)
      elasticsearch-api (= 1.0.18)
      elasticsearch-transport (= 1.0.18)
    elasticsearch-api (1.0.18)
      multi_json
    elasticsearch-transport (1.0.18)
      faraday
      multi_json
    faraday (0.9.2)
      multipart-post (>= 1.2, < 3)
    jmespath (1.2.4)
      json_pure (>= 1.8.1)
    json_pure (1.8.3)
    multi_json (1.12.1)
    multipart-post (2.0.0)
    yajl-ruby (1.3.1)

PLATFORMS
  ruby

DEPENDENCIES
  aws-sdk (~> 2.3)
  elasticsearch (~> 1.0)
  yajl-ruby (~> 1.3.1)

BUNDLED WITH
   1.16.0
